PATH
  remote: .
  specs:
    csv_to_xls (0.1.0)
      main
      spreadsheet

GEM
  remote: https://rubygems.org/
  specs:
    arrayfields (4.9.2)
    chronic (0.10.2)
    diff-lcs (1.3)
    fattr (2.4.0)
    main (6.2.2)
      arrayfields (~> 4.7, >= 4.7.4)
      chronic (~> 0.6, >= 0.6.2)
      fattr (~> 2.2, >= 2.2.0)
      map (~> 6.1, >= 6.1.0)
    map (6.6.0)
    rake (13.0.1)
    rspec (3.8.0)
      rspec-core (~> 3.8.0)
      rspec-expectations (~> 3.8.0)
      rspec-mocks (~> 3.8.0)
    rspec-core (3.8.0)
      rspec-support (~> 3.8.0)
    rspec-expectations (3.8.2)
      diff-lcs (>= 1.2.0, < 2.0)
      rspec-support (~> 3.8.0)
    rspec-mocks (3.8.0)
      diff-lcs (>= 1.2.0, < 2.0)
      rspec-support (~> 3.8.0)
    rspec-support (3.8.0)
    ruby-ole (1.2.12.2)
    spreadsheet (1.2.3)
      ruby-ole (>= 1.0)

PLATFORMS
  ruby

DEPENDENCIES
  bundler (~> 1.17)
  csv_to_xls!
  rake (>= 12.3.3)
  rspec (~> 3.0)

BUNDLED WITH
   1.17.3
